GEM
  remote: https://rubygems.org/
  specs:
    addressable (2.8.1)
      public_suffix (>= 2.0.2, < 6.0)
    archive-zip (0.12.0)
      io-like (~> 0.3.0)
    builder (3.2.2)
    capybara (3.38.0)
      addressable
      matrix
      mini_mime (>= 0.1.3)
      nokogiri (~> 1.8)
      rack (>= 1.6.0)
      rack-test (>= 0.6.3)
      regexp_parser (>= 1.5, < 3.0)
      xpath (~> 3.2)
    childprocess (0.5.9)
      ffi (~> 1.0, >= 1.0.11)
    chromedriver-helper (2.1.1)
      archive-zip (~> 0.10)
      nokogiri (~> 1.8)
    coderay (1.1.1)
    cucumber (2.4.0)
      builder (>= 2.1.2)
      cucumber-core (~> 1.5.0)
      cucumber-wire (~> 0.0.1)
      diff-lcs (>= 1.1.3)
      gherkin (~> 4.0)
      multi_json (>= 1.7.5, < 2.0)
      multi_test (>= 0.1.2)
    cucumber-core (1.5.0)
      gherkin (~> 4.0)
    cucumber-wire (0.0.1)
    diff-lcs (1.2.5)
    ffi (1.9.14)
    gherkin (4.0.0)
    io-like (0.3.1)
    matrix (0.4.2)
    method_source (0.8.2)
    mini_mime (1.1.2)
    mini_portile2 (2.8.1)
    multi_json (1.12.1)
    multi_test (0.1.2)
    nokogiri (1.14.2)
      mini_portile2 (~> 2.8.0)
      racc (~> 1.4)
    pry (0.10.4)
      coderay (~> 1.1.0)
      method_source (~> 0.8.1)
      slop (~> 3.4)
    public_suffix (5.0.1)
    racc (1.6.2)
    rack (3.0.4.2)
    rack-test (2.0.2)
      rack (>= 1.3)
    regexp_parser (2.7.0)
    rspec (3.5.0)
      rspec-core (~> 3.5.0)
      rspec-expectations (~> 3.5.0)
      rspec-mocks (~> 3.5.0)
    rspec-core (3.5.4)
      rspec-support (~> 3.5.0)
    rspec-expectations (3.5.0)
      diff-lcs (>= 1.2.0, < 2.0)
      rspec-support (~> 3.5.0)
    rspec-mocks (3.5.0)
      diff-lcs (>= 1.2.0, < 2.0)
      rspec-support (~> 3.5.0)
    rspec-support (3.5.0)
    rubyzip (1.2.0)
    selenium-webdriver (3.0.1)
      childprocess (~> 0.5)
      rubyzip (~> 1.0)
      websocket (~> 1.0)
    site_prism (3.7.3)
      addressable (~> 2.6)
      capybara (~> 3.15)
      site_prism-all_there (>= 0.3.1, < 1.0)
    site_prism-all_there (0.3.2)
    slop (3.6.0)
    websocket (1.2.3)
    xpath (3.2.0)
      nokogiri (~> 1.8)

PLATFORMS
  ruby

DEPENDENCIES
  capybara (>= 3.36.0)
  chromedriver-helper
  cucumber
  pry
  rspec
  selenium-webdriver
  site_prism (>= 3.7.3)

BUNDLED WITH
   1.17.3
